PATH
  remote: .
  specs:
    memory_tracker (1.2.2)
      activesupport
      sys-proctable

GEM
  remote: https://rubygems.org/
  specs:
    activesupport (4.2.1)
      i18n (~> 0.7)
      json (~> 1.7, >= 1.7.7)
      minitest (~> 5.1)
      thread_safe (~> 0.3, >= 0.3.4)
      tzinfo (~> 1.1)
    byebug (4.0.3)
      columnize (= 0.9.0)
    columnize (0.9.0)
    diff-lcs (1.2.5)
    i18n (0.7.0)
    json (1.8.1)
    minitest (5.5.1)
    rdoc (3.12.2)
      json (~> 1.4)
    rspec (2.14.1)
      rspec-core (~> 2.14.0)
      rspec-expectations (~> 2.14.0)
      rspec-mocks (~> 2.14.0)
    rspec-core (2.14.7)
    rspec-expectations (2.14.4)
      diff-lcs (>= 1.1.3, < 2.0)
    rspec-mocks (2.14.4)
    sys-proctable (0.9.3)
    thread_safe (0.3.5)
    tzinfo (1.2.2)
      thread_safe (~> 0.1)

PLATFORMS
  ruby

DEPENDENCIES
  bundler (~> 1.0)
  byebug
  memory_tracker!
  rdoc (~> 3.12)
  rspec (~> 2.14.0)
